GEM
  remote: https://rubygems.org/
  specs:
    fakeweb (1.3.0)
    httparty (0.17.1)
      mime-types (~> 3.0)
      multi_xml (>= 0.5.2)
    json (2.0.2)
    mime-types (3.3)
      mime-types-data (~> 3.2015)
    mime-types-data (3.2019.1009)
    minitest (5.10.1)
    multi_xml (0.6.0)
    rake (12.0.0)

PLATFORMS
  ruby

DEPENDENCIES
  fakeweb
  httparty (~> 0.17.1)
  json
  minitest
  rake

BUNDLED WITH
   1.17.3
